GIT
  remote: https://github.com/janko-m/sinatra-activerecord
  revision: cc89a1e660bc09e36d68941e8f53401bc61be52a
  specs:
    sinatra-activerecord (2.0.5)
      activerecord (>= 3.2)
      sinatra (~> 1.0)

GIT
  remote: https://github.com/wbzyl/sinatra-static-assets/
  revision: 7c5b19cae12db82175889792d4602e2832e7b403
  specs:
    sinatra-static-assets (1.0.4)
      sinatra (>= 1.1.0)

GEM
  remote: https://rubygems.org/
  remote: http://gems.github.com/
  specs:
    activemodel (4.2.0)
      activesupport (= 4.2.0)
      builder (~> 3.1)
    activerecord (4.2.0)
      activemodel (= 4.2.0)
      activesupport (= 4.2.0)
      arel (~> 6.0)
    activesupport (4.2.0)
      i18n (~> 0.7)
      json (~> 1.7, >= 1.7.7)
      minitest (~> 5.1)
      thread_safe (~> 0.3, >= 0.3.4)
      tzinfo (~> 1.1)
    arel (6.0.0)
    bond (0.5.1)
    builder (3.2.2)
    i18n (0.7.0)
    json (1.8.2)
    minitest (5.5.1)
    nokogiri (1.4.4)
    pg (0.18.1)
    rack (1.6.0)
    rack-protection (1.5.3)
      rack
    rack-test (0.5.7)
      rack (>= 1.0)
    ripl (0.7.1)
      bond (~> 0.5.1)
    ripl-multi_line (0.3.1)
      ripl (>= 0.3.6)
    ripl-rack (0.2.0)
      rack (>= 1.0)
      rack-test (>= 0.5)
      ripl (>= 0.3.5)
    sinatra (1.4.5)
      rack (~> 1.4)
      rack-protection (~> 1.4)
      tilt (~> 1.3, >= 1.3.4)
    sinatra-subdomain (0.1.0)
      sinatra
    sqlite3 (1.3.10)
    thread_safe (0.3.4)
    tilt (1.4.1)
    tux (0.3.0)
      ripl (>= 0.3.5)
      ripl-multi_line (>= 0.2.4)
      ripl-rack (>= 0.2.0)
      sinatra (>= 1.2.1)
    tzinfo (1.2.2)
      thread_safe (~> 0.1)
    webrat (0.7.3)
      nokogiri (>= 1.2.0)
      rack (>= 1.0)
      rack-test (>= 0.5.3)

PLATFORMS
  ruby

DEPENDENCIES
  activerecord (> 3)
  pg
  rack
  rack-test
  sinatra (= 1.4.5)
  sinatra-activerecord!
  sinatra-static-assets!
  sinatra-subdomain
  sqlite3
  tux
  webrat
