GEM
  remote: https://rubygems.org/
  remote: http://gems.github.com/
  specs:
    activemodel (4.2.0)
      activesupport (= 4.2.0)
      builder (~> 3.1)
    activerecord (4.2.0)
      activemodel (= 4.2.0)
      activesupport (= 4.2.0)
      arel (~> 6.0)
    activesupport (4.2.0)
      i18n (~> 0.7)
      json (~> 1.7, >= 1.7.7)
      minitest (~> 5.1)
      thread_safe (~> 0.3, >= 0.3.4)
      tzinfo (~> 1.1)
    arel (6.0.0)
    builder (3.2.2)
    emk-sinatra-url-for (0.2.1)
      sinatra (>= 0.9.1.1)
    i18n (0.7.0)
    json (1.8.2)
    minitest (5.5.1)
    mysql (2.9.1)
    nokogiri (1.4.4)
    rack (1.2.1)
    rack-test (0.5.7)
      rack (>= 1.0)
    sinatra (1.1.2)
      rack (~> 1.1)
      tilt (~> 1.2)
    sinatra-activerecord (0.1.2)
      sinatra (>= 0.9.4)
    sinatra-static-assets (0.5.0)
      emk-sinatra-url-for (>= 0.2.1)
      rack (>= 1.0.0)
      sinatra (>= 0.9.1)
    sinatra-subdomain (0.1.0)
      sinatra
    sqlite3 (1.3.3)
    thread_safe (0.3.4)
    tilt (1.2.2)
    tzinfo (1.2.2)
      thread_safe (~> 0.1)
    webrat (0.7.3)
      nokogiri (>= 1.2.0)
      rack (>= 1.0)
      rack-test (>= 0.5.3)

PLATFORMS
  ruby

DEPENDENCIES
  activerecord (> 3)
  mysql (> 2.9)
  rack
  rack-test
  sinatra
  sinatra-activerecord
  sinatra-static-assets
  sinatra-subdomain
  sqlite3
  webrat
