GEM
  remote: http://rubygems.org/
  remote: http://gems.github.com/
  specs:
    activerecord (2.3.10)
      activesupport (= 2.3.10)
    activesupport (2.3.10)
    emk-sinatra-url-for (0.2.1)
      sinatra (>= 0.9.1.1)
    mysql (2.8.1)
    nokogiri (1.4.4)
    rack (1.2.1)
    rack-test (0.5.7)
      rack (>= 1.0)
    sinatra (1.1.2)
      rack (~> 1.1)
      tilt (~> 1.2)
    sinatra-activerecord (0.1.2)
      sinatra (>= 0.9.4)
    sinatra-static-assets (0.5.0)
      emk-sinatra-url-for (>= 0.2.1)
      rack (>= 1.0.0)
      sinatra (>= 0.9.1)
    sinatra-subdomain (0.1.0)
      sinatra
    sqlite3 (1.3.3)
    sqlite3-ruby (1.3.3)
      sqlite3 (>= 1.3.3)
    tilt (1.2.2)
    webrat (0.7.3)
      nokogiri (>= 1.2.0)
      rack (>= 1.0)
      rack-test (>= 0.5.3)

PLATFORMS
  ruby

DEPENDENCIES
  activerecord (< 3)
  mysql
  rack
  rack-test
  sinatra
  sinatra-activerecord
  sinatra-static-assets
  sinatra-subdomain
  sqlite3-ruby
  webrat
